GEM
  remote: https://rubygems.org/
  specs:
    rake (13.0.5)

PLATFORMS
  ruby

DEPENDENCIES
  rake

BUNDLED WITH
   2.1.4
